GEM
  remote: http://rubygems.org/
  specs:
    diff-lcs (1.1.2)
    duration (0.1.0)
    getopt (1.4.1)
    rspec (2.6.0)
      rspec-core (~> 2.6.0)
      rspec-expectations (~> 2.6.0)
      rspec-mocks (~> 2.6.0)
    rspec-core (2.6.2)
    rspec-expectations (2.6.0)
      diff-lcs (~> 1.1.2)
    rspec-mocks (2.6.0)

PLATFORMS
  java

DEPENDENCIES
  bundler (>= 1.0.13)
  duration
  getopt
  rspec (>= 2.5.0)
