GEM
  remote: http://rubygems.org/
  specs:
    diff-lcs (1.1.3)
    duration (0.1.0)
    getopt (1.4.1)
    rspec (2.7.0)
      rspec-core (~> 2.7.0)
      rspec-expectations (~> 2.7.0)
      rspec-mocks (~> 2.7.0)
    rspec-core (2.7.1)
    rspec-expectations (2.7.0)
      diff-lcs (~> 1.1.2)
    rspec-mocks (2.7.0)

PLATFORMS
  java
  ruby

DEPENDENCIES
  bundler (>= 1.0.13)
  duration
  getopt
  rspec (>= 2.7.0)
